GEM
  remote: http://rubygems.org/
  specs:
    awesome_print (0.3.2)
    blather (0.4.16)
      eventmachine (~> 0.12.6)
      nokogiri (~> 1.4.0)
    diff-lcs (1.1.2)
    eventmachine (0.12.10)
    nokogiri (1.4.4)
    rake (0.8.7)
    rspec (2.5.0)
      rspec-core (~> 2.5.0)
      rspec-expectations (~> 2.5.0)
      rspec-mocks (~> 2.5.0)
    rspec-core (2.5.1)
    rspec-expectations (2.5.0)
      diff-lcs (~> 1.1.2)
    rspec-mocks (2.5.0)

PLATFORMS
  ruby

DEPENDENCIES
  awesome_print (= 0.3.2)
  blather (= 0.4.16)
  bundler (= 1.0.12)
  rake (= 0.8.7)
  rspec (= 2.5.0)
