PATH
  remote: .
  specs:
    connfu (0.0.1)
      ParseTree (= 3.0.7)
      blather (= 0.5.0)
      extensions (= 0.6.0)
      ruby2ruby (= 1.2.5)
      sexp_processor (= 3.0.5)

GEM
  remote: http://rubygems.org/
  specs:
    ParseTree (3.0.7)
      RubyInline (>= 3.7.0)
      sexp_processor (>= 3.0.0)
    RubyInline (3.9.0)
      ZenTest (~> 4.3)
    Saikuro (1.1.0)
    ZenTest (4.5.0)
    activesupport (3.0.7)
    blather (0.5.0)
      activesupport (>= 3.0.7)
      eventmachine (~> 0.12.6)
      minitest (>= 1.7.1)
      nokogiri (>= 1.4.0)
    diff-lcs (1.1.2)
    eventmachine (0.12.10)
    extensions (0.6.0)
    flay (1.4.2)
      ruby_parser (~> 2.0)
      sexp_processor (~> 3.0)
    flog (2.5.1)
      ruby_parser (~> 2.0)
      sexp_processor (~> 3.0)
    minitest (2.2.2)
    nokogiri (1.4.4)
    rake (0.8.7)
    rcov (0.9.9)
    reek (1.2.8)
      ruby2ruby (~> 1.2)
      ruby_parser (~> 2.0)
      sexp_processor (~> 3.0)
    roodi (2.1.0)
      ruby_parser
    rspec (2.5.0)
      rspec-core (~> 2.5.0)
      rspec-expectations (~> 2.5.0)
      rspec-mocks (~> 2.5.0)
    rspec-core (2.5.1)
    rspec-expectations (2.5.0)
      diff-lcs (~> 1.1.2)
    rspec-mocks (2.5.0)
    ruby2ruby (1.2.5)
      ruby_parser (~> 2.0)
      sexp_processor (~> 3.0)
    ruby_parser (2.0.6)
      sexp_processor (~> 3.0)
    sexp_processor (3.0.5)

PLATFORMS
  ruby

DEPENDENCIES
  Saikuro (= 1.1.0)
  bundler (~> 1.0.13)
  connfu!
  flay (= 1.4.2)
  flog (= 2.5.1)
  rake (= 0.8.7)
  rcov (= 0.9.9)
  reek (= 1.2.8)
  roodi (= 2.1.0)
  rspec (= 2.5.0)
