PATH
  remote: .
  specs:
    connfu (0.0.1)
      ParseTree (= 3.0.7)
      awesome_print (= 0.3.2)
      blather (= 0.4.16)
      extensions (= 0.6.0)

GEM
  remote: http://rubygems.org/
  specs:
    ParseTree (3.0.7)
      RubyInline (>= 3.7.0)
      sexp_processor (>= 3.0.0)
    RubyInline (3.9.0)
      ZenTest (~> 4.3)
    ZenTest (4.5.0)
    awesome_print (0.3.2)
    blather (0.4.16)
      eventmachine (~> 0.12.6)
      nokogiri (~> 1.4.0)
    diff-lcs (1.1.2)
    eventmachine (0.12.10)
    extensions (0.6.0)
    nokogiri (1.4.4)
    rake (0.8.7)
    rspec (2.5.0)
      rspec-core (~> 2.5.0)
      rspec-expectations (~> 2.5.0)
      rspec-mocks (~> 2.5.0)
    rspec-core (2.5.1)
    rspec-expectations (2.5.0)
      diff-lcs (~> 1.1.2)
    rspec-mocks (2.5.0)
    sexp_processor (3.0.5)

PLATFORMS
  ruby

DEPENDENCIES
  bundler (= 1.0.13)
  connfu!
  rake (= 0.8.7)
  rspec (= 2.5.0)
